GEM
  remote: https://rubygems.org/
  specs:

PLATFORMS
  ruby

DEPENDENCIES
  colorize
  pry 
  
BUNDLED WITH
   2.0.1
